PATH
  remote: .
  specs:
    interneeee (0.0.1)
      net-ping

GEM
  remote: https://rubygems.org/
  specs:
    net-ping (1.7.7)
    rake (10.4.2)

PLATFORMS
  ruby

DEPENDENCIES
  bundler (~> 1.6)
  interneeee!
  rake
